GEM
  remote: https://rubygems.org/
  specs:
    charlock_holmes (0.7.3)
    escape_utils (1.1.0)
    github-linguist (4.7.4)
      charlock_holmes (~> 0.7.3)
      escape_utils (~> 1.1.0)
      mime-types (>= 1.19)
      rugged (>= 0.23.0b)
    mime-types (3.0)
      mime-types-data (~> 3.2015)
    mime-types-data (3.2015.1120)
    rugged (0.24.0b11)

PLATFORMS
  ruby

DEPENDENCIES
  github-linguist

BUNDLED WITH
   1.11.2
